PATH
  remote: .
  specs:
    faraday_json (0.1.0)
      faraday (~> 0.9.0)

GEM
  remote: https://rubygems.org/
  specs:
    cane (2.6.2)
      parallel
    diff-lcs (1.2.5)
    docile (1.1.5)
    faraday (0.9.1)
      multipart-post (>= 1.2, < 3)
    iconv (1.0.4)
    json (1.8.2)
    multipart-post (2.0.0)
    parallel (1.3.3)
    rake (10.4.2)
    rspec (3.2.0)
      rspec-core (~> 3.2.0)
      rspec-expectations (~> 3.2.0)
      rspec-mocks (~> 3.2.0)
    rspec-core (3.2.3)
      rspec-support (~> 3.2.0)
    rspec-expectations (3.2.1)
      diff-lcs (>= 1.2.0, < 2.0)
      rspec-support (~> 3.2.0)
    rspec-mocks (3.2.1)
      diff-lcs (>= 1.2.0, < 2.0)
      rspec-support (~> 3.2.0)
    rspec-support (3.2.2)
    simplecov (0.10.0)
      docile (~> 1.1.0)
      json (~> 1.8)
      simplecov-html (~> 0.10.0)
    simplecov-html (0.10.0)

PLATFORMS
  ruby

DEPENDENCIES
  bundler (~> 1.9)
  cane (>= 2.2.2)
  faraday_json!
  iconv
  json
  parallel (= 1.3.3)
  rake (>= 0.9)
  rspec (>= 3)
  simplecov
